GEM
  remote: https://rubygems.org/
  specs:
    async (1.30.3)
      console (~> 1.10)
      nio4r (~> 2.3)
      timers (~> 4.1)
    async-http (0.59.2)
      async (>= 1.25)
      async-io (>= 1.28)
      async-pool (>= 0.2)
      protocol-http (~> 0.23.1)
      protocol-http1 (~> 0.14.0)
      protocol-http2 (~> 0.14.0)
      traces (>= 0.4.0)
    async-io (1.34.0)
      async
    async-pool (0.3.12)
      async (>= 1.25)
    aws-eventstream (1.2.0)
    aws-partitions (1.638.0)
    aws-sdk-core (3.156.0)
      aws-eventstream (~> 1, >= 1.0.2)
      aws-partitions (~> 1, >= 1.525.0)
      aws-sigv4 (~> 1.1)
      jmespath (~> 1, >= 1.6.1)
    aws-sdk-kms (1.58.0)
      aws-sdk-core (~> 3, >= 3.127.0)
      aws-sigv4 (~> 1.1)
    aws-sdk-s3 (1.114.0)
      aws-sdk-core (~> 3, >= 3.127.0)
      aws-sdk-kms (~> 1)
      aws-sigv4 (~> 1.4)
    aws-sdk-sqs (1.51.1)
      aws-sdk-core (~> 3, >= 3.127.0)
      aws-sigv4 (~> 1.1)
    aws-sigv4 (1.5.1)
      aws-eventstream (~> 1, >= 1.0.2)
    bigdecimal (3.1.2)
    concurrent-ruby (1.1.10)
    console (1.15.3)
      fiber-local
    cool.io (1.7.1)
    elastic-transport (8.3.5)
      faraday (< 3)
      multi_json
    elasticsearch (8.15.0)
      elastic-transport (~> 8.3)
      elasticsearch-api (= 8.15.0)
    elasticsearch-api (8.15.0)
      multi_json
    excon (0.92.5)
    ext_monitor (0.1.2)
    faraday (1.10.3)
      faraday-em_http (~> 1.0)
      faraday-em_synchrony (~> 1.0)
      faraday-excon (~> 1.1)
      faraday-httpclient (~> 1.0)
      faraday-multipart (~> 1.0)
      faraday-net_http (~> 1.0)
      faraday-net_http_persistent (~> 1.0)
      faraday-patron (~> 1.0)
      faraday-rack (~> 1.0)
      faraday-retry (~> 1.0)
      ruby2_keywords (>= 0.0.4)
    faraday-em_http (1.0.0)
    faraday-em_synchrony (1.0.0)
    faraday-excon (1.1.0)
    faraday-httpclient (1.0.1)
    faraday-multipart (1.0.4)
      multipart-post (~> 2)
    faraday-net_http (1.0.2)
    faraday-net_http_persistent (1.2.0)
    faraday-patron (1.0.0)
    faraday-rack (1.0.0)
    faraday-retry (1.0.3)
    fiber-local (1.0.0)
    fluent-mixin-config-placeholders (0.4.0)
      fluentd
      uuidtools (>= 2.1.5)
    fluent-mixin-rewrite-tag-name (0.1.0)
      fluentd
    fluent-plugin-elasticsearch (5.2.4)
      elasticsearch
      excon
      faraday (~> 1.10)
      fluentd (>= 0.14.22)
    fluent-plugin-record_splitter (0.2.1)
      fluent-mixin-config-placeholders (>= 0.3.0)
      fluent-mixin-rewrite-tag-name
      fluentd (>= 0.14.0, < 2)
    fluent-plugin-s3 (1.7.1)
      aws-sdk-s3 (~> 1.60)
      aws-sdk-sqs (~> 1.23)
      fluentd (>= 0.14.22, < 2)
    fluentd (1.14.6)
      bundler
      cool.io (>= 1.4.5, < 2.0.0)
      http_parser.rb (>= 0.5.1, < 0.9.0)
      msgpack (>= 1.3.1, < 2.0.0)
      serverengine (>= 2.2.5, < 3.0.0)
      sigdump (~> 0.2.2)
      strptime (>= 0.2.4, < 1.0.0)
      tzinfo (>= 1.0, < 3.0)
      tzinfo-data (~> 1.0)
      webrick (>= 1.4.2, < 1.8.0)
      yajl-ruby (~> 1.0)
    http_parser.rb (0.8.0)
    jmespath (1.6.1)
    json (2.6.2)
    msgpack (1.5.6)
    multi_json (1.15.0)
    multipart-post (2.4.1)
    nio4r (2.5.8)
    oj (3.13.11)
    protocol-hpack (1.4.2)
    protocol-http (0.23.12)
    protocol-http1 (0.14.6)
      protocol-http (~> 0.22)
    protocol-http2 (0.14.2)
      protocol-hpack (~> 1.4)
      protocol-http (~> 0.18)
    ruby2_keywords (0.0.5)
    serverengine (2.3.0)
      sigdump (~> 0.2.2)
    sigdump (0.2.4)
    strptime (0.2.5)
    timers (4.3.4)
    traces (0.7.0)
    tzinfo (2.0.5)
      concurrent-ruby (~> 1.0)
    tzinfo-data (1.2022.4)
      tzinfo (>= 1.0.0)
    uuidtools (2.2.0)
    webrick (1.7.0)
    yajl-ruby (1.4.3)

PLATFORMS
  universal-darwin-21
  x86_64-linux

DEPENDENCIES
  async-http (= 0.59.2)
  bigdecimal (= 3.1.2)
  elasticsearch (= 8.15.0)
  ext_monitor (= 0.1.2)
  fluent-plugin-elasticsearch (= 5.2.4)
  fluent-plugin-record_splitter (= 0.2.1)
  fluent-plugin-s3 (= 1.7.1)
  fluentd (= 1.14.6)
  json (= 2.6.2)
  oj (= 3.13.11)

BUNDLED WITH
   2.3.10
